PATH
  remote: .
  specs:
    xpath (0.1.2)
      nokogiri (~> 1.3)

GEM
  remote: http://rubygems.org/
  specs:
    nokogiri (1.4.3.1)
    rspec (1.3.0)
    yard (0.5.8)

PLATFORMS
  ruby

DEPENDENCIES
  nokogiri (~> 1.3)
  rspec (>= 1.2.9)
  xpath!
  yard (>= 0.5.8)
